GIT
  remote: https://github.com/neocities/dav4rack.git
  revision: 1bf1975c613d4f14d00f1e70ce7e0bb9e2e6cd9b
  ref: 1bf1975c613d4f14d00f1e70ce7e0bb9e2e6cd9b
  specs:
    dav4rack (0.3.0)
      nokogiri (>= 1.4.2)
      rack (~> 3.0)
      uuidtools (~> 2.1.1)
      webrick

GEM
  remote: https://rubygems.org/
  specs:
    acme-client (2.0.19)
      base64 (~> 0.2.0)
      faraday (>= 1.0, < 3.0.0)
      faraday-retry (>= 1.0, < 3.0.0)
    activesupport (8.0.1)
      base64
      benchmark (>= 0.3)
      bigdecimal
      concurrent-ruby (~> 1.0, >= 1.3.1)
      connection_pool (>= 2.2.5)
      drb
      i18n (>= 1.6, < 2)
      logger (>= 1.4.2)
      minitest (>= 5.1)
      securerandom (>= 0.3)
      tzinfo (~> 2.0, >= 2.0.5)
      uri (>= 0.13.1)
    addressable (2.8.7)
      public_suffix (>= 2.0.2, < 7.0)
    adequate_crypto_address (0.1.9)
      base58 (~> 0.2)
      keccak (~> 1.3)
    airbrake (13.0.5)
      airbrake-ruby (~> 6.0)
    airbrake-ruby (6.2.2)
      rbtree3 (~> 0.6)
    ansi (1.5.0)
    base58 (0.2.3)
    base64 (0.2.0)
    bcrypt (3.1.20)
    benchmark (0.4.0)
    bigdecimal (3.1.9)
    builder (3.3.0)
    capybara (3.40.0)
      addressable
      matrix
      mini_mime (>= 0.1.3)
      nokogiri (~> 1.11)
      rack (>= 1.6.0)
      rack-test (>= 0.6.3)
      regexp_parser (>= 1.5, < 3.0)
      xpath (~> 3.2)
    certified (1.0.0)
    climate_control (1.2.0)
    coderay (1.1.3)
    concurrent-ruby (1.3.5)
    connection_pool (2.5.0)
    coveralls_reborn (0.28.0)
      simplecov (~> 0.22.0)
      term-ansicolor (~> 1.7)
      thor (~> 1.2)
      tins (~> 1.32)
    crack (1.0.0)
      bigdecimal
      rexml
    crass (1.0.6)
    csv (3.3.2)
    dante (0.2.0)
    date (3.4.1)
    dnsbl-client (1.1.1)
    docile (1.4.1)
    domain_name (0.6.20240107)
    drb (2.2.1)
    erubi (1.13.1)
    exifr (1.4.1)
    fabrication (2.31.0)
    facter (4.10.0)
      hocon (~> 1.3)
      thor (>= 1.0.1, < 1.3)
    faker (3.5.1)
      i18n (>= 1.8.11, < 2)
    faraday (1.10.4)
      faraday-em_http (~> 1.0)
      faraday-em_synchrony (~> 1.0)
      faraday-excon (~> 1.1)
      faraday-httpclient (~> 1.0)
      faraday-multipart (~> 1.0)
      faraday-net_http (~> 1.0)
      faraday-net_http_persistent (~> 1.0)
      faraday-patron (~> 1.0)
      faraday-rack (~> 1.0)
      faraday-retry (~> 1.0)
      ruby2_keywords (>= 0.0.4)
    faraday-em_http (1.0.0)
    faraday-em_synchrony (1.0.0)
    faraday-excon (1.1.0)
    faraday-httpclient (1.0.1)
    faraday-multipart (1.1.0)
      multipart-post (~> 2.0)
    faraday-net_http (1.0.2)
    faraday-net_http_persistent (1.2.0)
    faraday-patron (1.0.0)
    faraday-rack (1.0.0)
    faraday-retry (1.0.3)
    faraday_middleware (1.2.1)
      faraday (~> 1.0)
    feedjira (2.1.4)
      faraday (>= 0.9)
      faraday_middleware (>= 0.9)
      loofah (>= 2.0)
      sax-machine (>= 1.0)
    ffi (1.17.1-aarch64-linux-gnu)
    ffi (1.17.1-aarch64-linux-musl)
    ffi (1.17.1-arm-linux-gnu)
    ffi (1.17.1-arm-linux-musl)
    ffi (1.17.1-arm64-darwin)
    ffi (1.17.1-x86_64-darwin)
    ffi (1.17.1-x86_64-linux-gnu)
    ffi (1.17.1-x86_64-linux-musl)
    ffi-compiler (1.3.2)
      ffi (>= 1.15.5)
      rake
    filesize (0.2.0)
    fspath (3.1.2)
    gandi (3.3.28)
      hashie
      xmlrpc
    geoip (1.6.4)
    hashdiff (1.1.2)
    hashie (5.0.0)
    hiredis (0.6.3)
    hocon (1.4.0)
    hoe (4.2.2)
      rake (>= 0.8, < 15.0)
    htmlentities (4.3.4)
    http (5.2.0)
      addressable (~> 2.8)
      base64 (~> 0.1)
      http-cookie (~> 1.0)
      http-form_data (~> 2.2)
      llhttp-ffi (~> 0.5.0)
    http-accept (1.7.0)
    http-cookie (1.0.8)
      domain_name (~> 0.5)
    http-form_data (2.3.0)
    i18n (1.14.7)
      concurrent-ruby (~> 1.0)
    image_optim (0.31.4)
      exifr (~> 1.2, >= 1.2.2)
      fspath (~> 3.0)
      image_size (>= 1.5, < 4)
      in_threads (~> 1.3)
      progress (~> 3.0, >= 3.0.1)
    image_optim_pack (0.11.2)
      fspath (>= 2.1, < 4)
      image_optim (~> 0.19)
    image_optim_pack (0.11.2-x86_64-darwin)
      fspath (>= 2.1, < 4)
      image_optim (~> 0.19)
    image_optim_pack (0.11.2-x86_64-linux)
      fspath (>= 2.1, < 4)
      image_optim (~> 0.19)
    image_optimizer (1.9.0)
    image_size (3.4.0)
    in_threads (1.6.0)
    io-extra (1.4.0)
    ipaddress (0.8.3)
    json (2.9.1)
    jwt (2.10.1)
      base64
    keccak (1.3.2)
    llhttp-ffi (0.5.0)
      ffi-compiler (~> 1.0)
      rake (~> 13.0)
    logger (1.6.5)
    loofah (2.24.0)
      crass (~> 1.0.2)
      nokogiri (>= 1.12.0)
    m (1.6.2)
      method_source (>= 0.6.7)
      rake (>= 0.9.2.2)
    magic (0.2.9)
      ffi (>= 0.6.3)
    mail (2.8.1)
      mini_mime (>= 0.1.1)
      net-imap
      net-pop
      net-smtp
    matrix (0.4.2)
    maxmind-db (1.2.0)
    maxmind-geoip2 (1.2.0)
      connection_pool (~> 2.2)
      http (>= 4.3, < 6.0)
      maxmind-db (~> 1.2)
    method_source (1.1.0)
    mime-types (3.6.0)
      logger
      mime-types-data (~> 3.2015)
    mime-types-data (3.2025.0107)
    minfraud (2.6.0)
      connection_pool (~> 2.2)
      http (>= 4.3, < 6.0)
      maxmind-geoip2 (~> 1.2)
      simpleidn (~> 0.1, >= 0.1.1)
    mini_mime (1.1.5)
    minitest (5.25.4)
    minitest-reporters (1.7.1)
      ansi
      builder
      minitest (>= 5.0)
      ruby-progressbar
    mocha (2.7.1)
      ruby2_keywords (>= 0.0.5)
    mock_redis (0.49.0)
      redis (~> 5)
    monetize (1.13.0)
      money (~> 6.12)
    money (6.19.0)
      i18n (>= 0.6.4, <= 2)
    msgpack (1.7.5)
    multi_json (1.15.0)
    multipart-post (2.4.1)
    mustermann (3.0.3)
      ruby2_keywords (~> 0.0.1)
    net-imap (0.5.7)
      date
      net-protocol
    net-pop (0.1.2)
      net-protocol
    net-protocol (0.2.2)
      timeout
    net-smtp (0.5.1)
      net-protocol
    netrc (0.11.0)
    nio4r (2.7.4)
    nokogiri (1.18.9-aarch64-linux-gnu)
      racc (~> 1.4)
    nokogiri (1.18.9-aarch64-linux-musl)
      racc (~> 1.4)
    nokogiri (1.18.9-arm-linux-gnu)
      racc (~> 1.4)
    nokogiri (1.18.9-arm-linux-musl)
      racc (~> 1.4)
    nokogiri (1.18.9-arm64-darwin)
      racc (~> 1.4)
    nokogiri (1.18.9-x86_64-darwin)
      racc (~> 1.4)
    nokogiri (1.18.9-x86_64-linux-gnu)
      racc (~> 1.4)
    nokogiri (1.18.9-x86_64-linux-musl)
      racc (~> 1.4)
    ostruct (0.6.1)
    paypal-recurring (1.1.0)
    pg (1.5.9)
    phonelib (0.10.3)
    progress (3.6.0)
    pry (0.15.2)
      coderay (~> 1.1)
      method_source (~> 1.0)
    public_suffix (6.0.1)
    puma (6.6.0)
      nio4r (~> 2.0)
    racc (1.8.1)
    rack (3.1.17)
    rack-protection (4.1.1)
      base64 (>= 0.1.0)
      logger (>= 1.6.0)
      rack (>= 3.0.0, < 4)
    rack-session (2.1.1)
      base64 (>= 0.1.0)
      rack (>= 3.0.0)
    rack-test (2.2.0)
      rack (>= 1.3)
    rack_session_access (0.2.0)
      builder (>= 2.0.0)
      rack (>= 1.0.0)
    rake (13.2.1)
    rb-fsevent (0.11.2)
    rb-inotify (0.11.1)
      ffi (~> 1.0)
    rbtree3 (0.7.1)
    redis (5.3.0)
      redis-client (>= 0.22.0)
    redis-client (0.23.2)
      connection_pool
    redis-namespace (1.11.0)
      redis (>= 4)
    regexp_parser (2.10.0)
    rest-client (2.1.0)
      http-accept (>= 1.7.0, < 2.0)
      http-cookie (>= 1.0.2, < 2.0)
      mime-types (>= 1.16, < 4.0)
      netrc (~> 0.8)
    rexml (3.4.1)
    rinku (2.0.6)
    rszr (1.5.0)
    ruby-progressbar (1.13.0)
    ruby2_keywords (0.0.5)
    rubyzip (2.4.1)
    sanitize (7.0.0)
      crass (~> 1.0.2)
      nokogiri (>= 1.16.8)
    sass (3.7.4)
      sass-listen (~> 4.0.0)
    sass-listen (4.0.0)
      rb-fsevent (~> 0.9, >= 0.9.4)
      rb-inotify (~> 0.9, >= 0.9.7)
    sax-machine (1.3.2)
    securerandom (0.4.1)
    selenium-webdriver (4.28.0)
      base64 (~> 0.2)
      logger (~> 1.4)
      rexml (~> 3.2, >= 3.2.5)
      rubyzip (>= 1.2.2, < 3.0)
      websocket (~> 1.0)
    sequel (5.89.0)
      bigdecimal
    sequel_pg (1.17.1)
      pg (>= 0.18.0, != 1.2.0)
      sequel (>= 4.38.0)
    shotgun (0.9.2)
      rack (>= 1.0)
    sidekiq (7.3.8)
      base64
      connection_pool (>= 2.3.0)
      logger
      rack (>= 2.2.4)
      redis-client (>= 0.22.2)
    simplecov (0.22.0)
      docile (~> 1.1)
      simplecov-html (~> 0.11)
      simplecov_json_formatter (~> 0.1)
    simplecov-html (0.13.1)
    simplecov_json_formatter (0.1.4)
    simpleidn (0.2.3)
    sinatra (4.1.1)
      logger (>= 1.6.0)
      mustermann (~> 3.0)
      rack (>= 3.0.0, < 4)
      rack-protection (= 4.1.1)
      rack-session (>= 2.0.0, < 3)
      tilt (~> 2.0)
    sinatra-flash (0.3.0)
      sinatra (>= 1.0.0)
    sinatra-xsendfile (0.4.2)
      sinatra (>= 0.9.1)
    stripe (5.55.0)
    stripe-ruby-mock (3.1.0)
      dante (>= 0.2.0)
      multi_json (~> 1.0)
      stripe (> 5, < 6)
    sync (0.5.0)
    term-ansicolor (1.11.2)
      tins (~> 1.0)
    terrapin (1.0.1)
      climate_control
    thor (1.2.2)
    thread (0.2.2)
    tilt (2.6.0)
    timecop (0.9.10)
    timeout (0.4.3)
    tins (1.38.0)
      bigdecimal
      sync
    twilio-ruby (7.4.3)
      benchmark
      faraday (>= 0.9, < 3.0)
      jwt (>= 1.5, < 3.0)
      nokogiri (>= 1.6, < 2.0)
      ostruct
    tzinfo (2.0.6)
      concurrent-ruby (~> 1.0)
    uri (1.0.3)
    uuidtools (2.1.5)
    webmock (3.25.0)
      addressable (>= 2.8.0)
      crack (>= 0.3.2)
      hashdiff (>= 0.4.0, < 2.0.0)
    webp-ffi (0.4.0)
      ffi (>= 1.9.0)
      ffi-compiler (>= 0.1.2)
    webrick (1.9.1)
    websocket (1.2.11)
    will_paginate (4.0.1)
    xmlrpc (0.3.3)
      webrick
    xpath (3.2.0)
      nokogiri (~> 1.8)
    zip_tricks (5.6.0)

PLATFORMS
  aarch64-linux-gnu
  aarch64-linux-musl
  arm-linux-gnu
  arm-linux-musl
  arm64-darwin
  x86_64-darwin
  x86_64-linux-gnu
  x86_64-linux-musl

DEPENDENCIES
  acme-client (~> 2.0.0)
  activesupport
  addressable (>= 2.8.0)
  adequate_crypto_address
  airbrake
  bcrypt
  capybara
  certified
  coveralls_reborn
  csv
  dav4rack!
  dnsbl-client
  erubi
  fabrication
  facter
  faker
  feedjira (= 2.1.4)
  filesize
  gandi
  geoip
  hiredis
  hoe
  htmlentities
  http
  image_optim
  image_optim_pack
  image_optimizer
  io-extra
  ipaddress
  json (>= 2.3.0)
  m
  magic
  mail
  maxmind-db
  minfraud
  minitest
  minitest-reporters
  mocha
  mock_redis
  monetize
  msgpack
  nokogiri
  paypal-recurring
  pg
  phonelib
  pry
  puma (< 7)
  rack-test
  rack_session_access
  rake (>= 12.3.3)
  redis
  redis-namespace
  rest-client
  rinku
  rszr
  rubyzip
  sanitize
  sass
  selenium-webdriver
  sequel
  sequel_pg
  shotgun
  sidekiq (~> 7)
  simplecov
  simpleidn
  sinatra
  sinatra-flash
  sinatra-xsendfile
  stripe
  stripe-ruby-mock (~> 3.1.0.rc3)
  terrapin
  thread
  tilt
  timecop
  twilio-ruby
  webmock
  webp-ffi
  will_paginate
  xmlrpc
  zip_tricks

BUNDLED WITH
   2.6.3
